BrainVision Data Exchange Header File Version 1.0
; Data created by the BrainVision Recorder

[Common Infos]
Codepage=UTF-8
DataFile=RO26BU.eeg
MarkerFile=RO26BU.vmrk
DataFormat=BINARY
; Data orientation: MULTIPLEXED=ch1,pt1, ch2,pt1 ...
DataOrientation=MULTIPLEXED
NumberOfChannels=128
; Sampling interval in microseconds
SamplingInterval=1000

[Binary Infos]
BinaryFormat=IEEE_FLOAT_32

[Channel Infos]
; Each entry: Ch<Channel number>=<Name>,<Reference channel name>,
; <Resolution in "Unit">,<Unit>, Future extensions..
; Fields are delimited by commas, some fields might be omitted (empty).
; Commas in channel names are coded as "\1".
Ch1=1,,0.0488281,µV
Ch2=2,,0.0488281,µV
Ch3=3,,0.0488281,µV
Ch4=4,,0.0488281,µV
Ch5=5,,0.0488281,µV
Ch6=6,,0.0488281,µV
Ch7=7,,0.0488281,µV
Ch8=8,,0.0488281,µV
Ch9=9,,0.0488281,µV
Ch10=10,,0.0488281,µV
Ch11=11,,0.0488281,µV
Ch12=12,,0.0488281,µV
Ch13=13,,0.0488281,µV
Ch14=14,,0.0488281,µV
Ch15=15,,0.0488281,µV
Ch16=16,,0.0488281,µV
Ch17=17,,0.0488281,µV
Ch18=18,,0.0488281,µV
Ch19=19,,0.0488281,µV
Ch20=21,,0.0488281,µV
Ch21=22,,0.0488281,µV
Ch22=23,,0.0488281,µV
Ch23=24,,0.0488281,µV
Ch24=25,,0.0488281,µV
Ch25=26,,0.0488281,µV
Ch26=27,,0.0488281,µV
Ch27=28,,0.0488281,µV
Ch28=29,,0.0488281,µV
Ch29=30,,0.0488281,µV
Ch30=31,,0.0488281,µV
Ch31=32,,0.0488281,µV
Ch32=33,,0.0488281,µV
Ch33=34,,0.0488281,µV
Ch34=35,,0.0488281,µV
Ch35=36,,0.0488281,µV
Ch36=37,,0.0488281,µV
Ch37=38,,0.0488281,µV
Ch38=39,,0.0488281,µV
Ch39=40,,0.0488281,µV
Ch40=41,,0.0488281,µV
Ch41=42,,0.0488281,µV
Ch42=43,,0.0488281,µV
Ch43=44,,0.0488281,µV
Ch44=45,,0.0488281,µV
Ch45=46,,0.0488281,µV
Ch46=47,,0.0488281,µV
Ch47=48,,0.0488281,µV
Ch48=49,,0.0488281,µV
Ch49=50,,0.0488281,µV
Ch50=51,,0.0488281,µV
Ch51=52,,0.0488281,µV
Ch52=53,,0.0488281,µV
Ch53=54,,0.0488281,µV
Ch54=55,,0.0488281,µV
Ch55=56,,0.0488281,µV
Ch56=57,,0.0488281,µV
Ch57=58,,0.0488281,µV
Ch58=59,,0.0488281,µV
Ch59=60,,0.0488281,µV
Ch60=61,,0.0488281,µV
Ch61=62,,0.0488281,µV
Ch62=63,,0.0488281,µV
Ch63=64,,0.0488281,µV
Ch64=65,,0.0488281,µV
Ch65=66,,0.0488281,µV
Ch66=67,,0.0488281,µV
Ch67=68,,0.0488281,µV
Ch68=69,,0.0488281,µV
Ch69=70,,0.0488281,µV
Ch70=71,,0.0488281,µV
Ch71=72,,0.0488281,µV
Ch72=73,,0.0488281,µV
Ch73=74,,0.0488281,µV
Ch74=75,,0.0488281,µV
Ch75=76,,0.0488281,µV
Ch76=77,,0.0488281,µV
Ch77=78,,0.0488281,µV
Ch78=79,,0.0488281,µV
Ch79=80,,0.0488281,µV
Ch80=81,,0.0488281,µV
Ch81=82,,0.0488281,µV
Ch82=83,,0.0488281,µV
Ch83=84,,0.0488281,µV
Ch84=85,,0.0488281,µV
Ch85=86,,0.0488281,µV
Ch86=87,,0.0488281,µV
Ch87=88,,0.0488281,µV
Ch88=89,,0.0488281,µV
Ch89=90,,0.0488281,µV
Ch90=91,,0.0488281,µV
Ch91=92,,0.0488281,µV
Ch92=93,,0.0488281,µV
Ch93=94,,0.0488281,µV
Ch94=95,,0.0488281,µV
Ch95=96,,0.0488281,µV
Ch96=97,,0.0488281,µV
Ch97=98,,0.0488281,µV
Ch98=99,,0.0488281,µV
Ch99=100,,0.0488281,µV
Ch100=101,,0.0488281,µV
Ch101=102,,0.0488281,µV
Ch102=103,,0.0488281,µV
Ch103=104,,0.0488281,µV
Ch104=105,,0.0488281,µV
Ch105=106,,0.0488281,µV
Ch106=107,,0.0488281,µV
Ch107=108,,0.0488281,µV
Ch108=109,,0.0488281,µV
Ch109=110,,0.0488281,µV
Ch110=111,,0.0488281,µV
Ch111=112,,0.0488281,µV
Ch112=113,,0.0488281,µV
Ch113=114,,0.0488281,µV
Ch114=115,,0.0488281,µV
Ch115=116,,0.0488281,µV
Ch116=117,,0.0488281,µV
Ch117=118,,0.0488281,µV
Ch118=119,,0.0488281,µV
Ch119=120,,0.0488281,µV
Ch120=121,,0.0488281,µV
Ch121=122,,0.0488281,µV
Ch122=123,,0.0488281,µV
Ch123=124,,0.0488281,µV
Ch124=125,,0.0488281,µV
Ch125=126,,0.0488281,µV
Ch126=127,,0.0488281,µV
Ch127=128,,0.0488281,µV
Ch128=Gnd,,0.298023,µV

[Coordinates]
; Electrode Position File: C:\Users\EEG-Labor\Downloads\BC-128-pass_kiel.bvef
Ch1=1,17,90
Ch2=1,-17,30
Ch3=1,17,-30
Ch4=1,-51,-34
Ch5=1,-51,34
Ch6=1,-51,78
Ch7=1,51,-78
Ch8=1,51,-34
Ch9=1,51,34
Ch10=1,68,90
Ch11=1,-85,-46
Ch12=1,-85,-12
Ch13=1,-85,22
Ch14=1,-85,56
Ch15=1,85,-90
Ch16=1,85,-56
Ch17=1,85,-22
Ch18=1,85,12
Ch19=1,85,46
Ch20=1,-98,-73
Ch21=1,-119,-39
Ch22=1,-119,27
Ch23=1,119,-27
Ch24=1,119,39
Ch25=1,98,73
Ch26=1,-136,-18
Ch27=1,-136,51
Ch28=1,136,-51
Ch29=1,136,18
Ch30=1,-151,-68
Ch31=1,149,68
Ch32=1,-34,-60
Ch33=1,-34,0
Ch34=1,-34,60
Ch35=1,34,-60
Ch36=1,34,0
Ch37=1,34,60
Ch38=1,-51,-78
Ch39=1,-68,-54
Ch40=1,-68,-18
Ch41=1,-68,18
Ch42=1,-68,54
Ch43=1,68,-90
Ch44=1,68,-54
Ch45=1,68,-18
Ch46=1,68,18
Ch47=1,68,54
Ch48=1,51,78
Ch49=1,-85,-81
Ch50=1,-102,-22
Ch51=1,-102,9
Ch52=1,-102,45
Ch53=1,-102,81
Ch54=1,102,-81
Ch55=1,102,-45
Ch56=1,102,-9
Ch57=1,102,22
Ch58=1,85,81
Ch59=1,-136,11
Ch60=1,-119,63
Ch61=1,136,-90
Ch62=1,119,-63
Ch63=1,136,-11
Ch64=1,0,0
Ch65=1,-17,-30
Ch66=1,17,-90
Ch67=1,17,30
Ch68=1,34,90
Ch69=1,-34,-30
Ch70=1,-34,30
Ch71=1,34,-90
Ch72=1,34,-30
Ch73=1,34,30
Ch74=1,-51,-56
Ch75=1,-51,-12
Ch76=1,-51,12
Ch77=1,-51,56
Ch78=1,51,-56
Ch79=1,51,-12
Ch80=1,51,12
Ch81=1,51,56
Ch82=1,-68,-72
Ch83=1,-68,-36
Ch84=1,-68,0
Ch85=1,-68,36
Ch86=1,-68,72
Ch87=1,68,-72
Ch88=1,68,-36
Ch89=1,68,0
Ch90=1,68,36
Ch91=1,68,72
Ch92=1,-85,-63
Ch93=1,-100,-56
Ch94=1,85,63
Ch95=1,100,56
Ch96=1,-85,-29
Ch97=1,-85,5
Ch98=1,-85,39
Ch99=1,-85,73
Ch100=1,85,-73
Ch101=1,85,-39
Ch102=1,85,-5
Ch103=1,85,29
Ch104=1,-102,-39
Ch105=1,-102,-5
Ch106=1,-102,27
Ch107=1,-102,63
Ch108=1,102,-63
Ch109=1,102,-27
Ch110=1,102,5
Ch111=1,102,39
Ch112=1,-119,-22
Ch113=1,-119,-5
Ch114=1,-119,9
Ch115=1,-119,45
Ch116=1,-119,81
Ch117=1,119,-81
Ch118=1,119,-45
Ch119=1,119,-9
Ch120=1,119,5
Ch121=1,119,22
Ch122=1,-136,-36
Ch123=1,-136,29
Ch124=1,-136,71
Ch125=1,136,-71
Ch126=1,136,-29
Ch127=1,136,36
Ch128=1,98,90

[Comment]

BrainVision Recorder Professional   -   V. 1.23.0003


A m p l i f i e r  S e t u p
============================
Number of channels: 128
Sampling Rate [Hz]: 1000
Sampling Interval [µS]: 1000

Channels
--------
#     Name      Phys. Chn.    Resolution / Unit   Low Cutoff [s]   High Cutoff [Hz]   Notch [Hz]    Gradient         Offset
1     1           1          0.0488281 µV             DC              280              Off
2     2           2          0.0488281 µV             DC              280              Off
3     3           3          0.0488281 µV             DC              280              Off
4     4           4          0.0488281 µV             DC              280              Off
5     5           5          0.0488281 µV             DC              280              Off
6     6           6          0.0488281 µV             DC              280              Off
7     7           7          0.0488281 µV             DC              280              Off
8     8           8          0.0488281 µV             DC              280              Off
9     9           9          0.0488281 µV             DC              280              Off
10    10          10         0.0488281 µV             DC              280              Off
11    11          11         0.0488281 µV             DC              280              Off
12    12          12         0.0488281 µV             DC              280              Off
13    13          13         0.0488281 µV             DC              280              Off
14    14          14         0.0488281 µV             DC              280              Off
15    15          15         0.0488281 µV             DC              280              Off
16    16          16         0.0488281 µV             DC              280              Off
17    17          17         0.0488281 µV             DC              280              Off
18    18          18         0.0488281 µV             DC              280              Off
19    19          19         0.0488281 µV             DC              280              Off
20    21          21         0.0488281 µV             DC              280              Off
21    22          22         0.0488281 µV             DC              280              Off
22    23          23         0.0488281 µV             DC              280              Off
23    24          24         0.0488281 µV             DC              280              Off
24    25          25         0.0488281 µV             DC              280              Off
25    26          26         0.0488281 µV             DC              280              Off
26    27          27         0.0488281 µV             DC              280              Off
27    28          28         0.0488281 µV             DC              280              Off
28    29          29         0.0488281 µV             DC              280              Off
29    30          30         0.0488281 µV             DC              280              Off
30    31          31         0.0488281 µV             DC              280              Off
31    32          32         0.0488281 µV             DC              280              Off
32    33          33         0.0488281 µV             DC              280              Off
33    34          34         0.0488281 µV             DC              280              Off
34    35          35         0.0488281 µV             DC              280              Off
35    36          36         0.0488281 µV             DC              280              Off
36    37          37         0.0488281 µV             DC              280              Off
37    38          38         0.0488281 µV             DC              280              Off
38    39          39         0.0488281 µV             DC              280              Off
39    40          40         0.0488281 µV             DC              280              Off
40    41          41         0.0488281 µV             DC              280              Off
41    42          42         0.0488281 µV             DC              280              Off
42    43          43         0.0488281 µV             DC              280              Off
43    44          44         0.0488281 µV             DC              280              Off
44    45          45         0.0488281 µV             DC              280              Off
45    46          46         0.0488281 µV             DC              280              Off
46    47          47         0.0488281 µV             DC              280              Off
47    48          48         0.0488281 µV             DC              280              Off
48    49          49         0.0488281 µV             DC              280              Off
49    50          50         0.0488281 µV             DC              280              Off
50    51          51         0.0488281 µV             DC              280              Off
51    52          52         0.0488281 µV             DC              280              Off
52    53          53         0.0488281 µV             DC              280              Off
53    54          54         0.0488281 µV             DC              280              Off
54    55          55         0.0488281 µV             DC              280              Off
55    56          56         0.0488281 µV             DC              280              Off
56    57          57         0.0488281 µV             DC              280              Off
57    58          58         0.0488281 µV             DC              280              Off
58    59          59         0.0488281 µV             DC              280              Off
59    60          60         0.0488281 µV             DC              280              Off
60    61          61         0.0488281 µV             DC              280              Off
61    62          62         0.0488281 µV             DC              280              Off
62    63          63         0.0488281 µV             DC              280              Off
63    64          64         0.0488281 µV             DC              280              Off
64    65          65         0.0488281 µV             DC              280              Off
65    66          66         0.0488281 µV             DC              280              Off
66    67          67         0.0488281 µV             DC              280              Off
67    68          68         0.0488281 µV             DC              280              Off
68    69          69         0.0488281 µV             DC              280              Off
69    70          70         0.0488281 µV             DC              280              Off
70    71          71         0.0488281 µV             DC              280              Off
71    72          72         0.0488281 µV             DC              280              Off
72    73          73         0.0488281 µV             DC              280              Off
73    74          74         0.0488281 µV             DC              280              Off
74    75          75         0.0488281 µV             DC              280              Off
75    76          76         0.0488281 µV             DC              280              Off
76    77          77         0.0488281 µV             DC              280              Off
77    78          78         0.0488281 µV             DC              280              Off
78    79          79         0.0488281 µV             DC              280              Off
79    80          80         0.0488281 µV             DC              280              Off
80    81          81         0.0488281 µV             DC              280              Off
81    82          82         0.0488281 µV             DC              280              Off
82    83          83         0.0488281 µV             DC              280              Off
83    84          84         0.0488281 µV             DC              280              Off
84    85          85         0.0488281 µV             DC              280              Off
85    86          86         0.0488281 µV             DC              280              Off
86    87          87         0.0488281 µV             DC              280              Off
87    88          88         0.0488281 µV             DC              280              Off
88    89          89         0.0488281 µV             DC              280              Off
89    90          90         0.0488281 µV             DC              280              Off
90    91          91         0.0488281 µV             DC              280              Off
91    92          92         0.0488281 µV             DC              280              Off
92    93          93         0.0488281 µV             DC              280              Off
93    94          94         0.0488281 µV             DC              280              Off
94    95          95         0.0488281 µV             DC              280              Off
95    96          96         0.0488281 µV             DC              280              Off
96    97          97         0.0488281 µV             DC              280              Off
97    98          98         0.0488281 µV             DC              280              Off
98    99          99         0.0488281 µV             DC              280              Off
99    100         100        0.0488281 µV             DC              280              Off
100   101         101        0.0488281 µV             DC              280              Off
101   102         102        0.0488281 µV             DC              280              Off
102   103         103        0.0488281 µV             DC              280              Off
103   104         104        0.0488281 µV             DC              280              Off
104   105         105        0.0488281 µV             DC              280              Off
105   106         106        0.0488281 µV             DC              280              Off
106   107         107        0.0488281 µV             DC              280              Off
107   108         108        0.0488281 µV             DC              280              Off
108   109         109        0.0488281 µV             DC              280              Off
109   110         110        0.0488281 µV             DC              280              Off
110   111         111        0.0488281 µV             DC              280              Off
111   112         112        0.0488281 µV             DC              280              Off
112   113         113        0.0488281 µV             DC              280              Off
113   114         114        0.0488281 µV             DC              280              Off
114   115         115        0.0488281 µV             DC              280              Off
115   116         116        0.0488281 µV             DC              280              Off
116   117         117        0.0488281 µV             DC              280              Off
117   118         118        0.0488281 µV             DC              280              Off
118   119         119        0.0488281 µV             DC              280              Off
119   120         120        0.0488281 µV             DC              280              Off
120   121         121        0.0488281 µV             DC              280              Off
121   122         122        0.0488281 µV             DC              280              Off
122   123         123        0.0488281 µV             DC              280              Off
123   124         124        0.0488281 µV             DC              280              Off
124   125         125        0.0488281 µV             DC              280              Off
125   126         126        0.0488281 µV             DC              280              Off
126   127         127        0.0488281 µV             DC              280              Off
127   128         128        0.0488281 µV             DC              280              Off
128   Gnd         129         0.298023 µV             DC              280              Off

Reference Channel Name = 20
Reference Phys. Chn.   = 20
Use active/dry Electrodes = No 
MY-Button Workspace    = C:\Vision\Workfiles\Untitled.MyBtn

Amplifier 
actiCHamp Base Unit (5002) 
  --- S/N 20040296 --- 

actiCHamp 32 CH Module
  --- Module 1 (5011): S/N 20040608 ---
  --- Module 2 (5011): S/N 20040609 ---
  --- Module 3 (5011): S/N 20040610 ---
  --- Module 4 (5011): S/N 20040611 ---
Version: DLL_27.18.06.25, DRV_03.04.01.146, CTRL_104.18.06.25, FPGA_67.00.00.00, DSP_105.19.02.27 


S o f t w a r e  F i l t e r s
==============================
Disabled


Data/Gnd Electrodes Selected Impedance Measurement Range: 0 - 50 kOhm
Impedance [kOhm] at 15:09:24 :
1:            2
2:            3
3:            2
4:            2
5:            1
6:            7
7:            4
8:            2
9:            3
10:           2
11:           4
12:           4
13:           2
14:           3
15:          19
16:           4
17:           9
18:           2
19:           4
20:          13
21:           1
22:          13
23:          16
24:           3
25:           5
26:           4
27:           7
28:          17
29:          13
30:           9
31:           8
32:           7
33:           4
34:           3
35:          10
36:           2
37:           2
38:           2
39:           5
40:           8
41:           2
42:           2
43:           2
44:           8
45:           2
46:           3
47:           2
48:           3
49:           7
50:           3
51:           2
52:           8
53:           3
54:          13
55:           7
56:          16
57:           5
58:           4
59:           3
60:           5
61:           7
62:          12
63:           2
64:           3
65:           3
66:           5
67:           3
68:           2
69:           4
70:           2
71:           2
72:           5
73:           2
74:           2
75:           4
76:           2
77:           2
78:          10
79:           1
80:           2
81:           1
82:           2
83:           3
84:           9
85:           2
86:           1
87:           7
88:           2
89:           1
90:           2
91:           2
92:           1
93:           1
94:           5
95:           6
96:           8
97:           2
98:           2
99:           1
100:          9
101:          2
102:          9
103:          2
104:          2
105:          7
106:          2
107:          5
108:          9
109:          5
110:          5
111:          7
112:         10
113:         25
114:         10
115:          5
116:         12
117:          8
118:          2
119:          8
120:          4
121:          5
122:         14
123:          4
124:         15
125:          6
126:         13
127:         18
128:         16
Gnd:          3
Gnd:          3
